PATH
  remote: .
  specs:
    dater (0.2.4)

GEM
  remote: https://rubygems.org/
  specs:
    rake (10.1.0)

PLATFORMS
  ruby

DEPENDENCIES
  bundler (~> 1.3)
  dater!
  rake
